GIT
  remote: https://github.com/hashicorp/vault-ruby.git
  revision: 6d47a1058ddbbddc03cde3af313439d4ca7dd0a8
  specs:
    vault (0.14.0)
      aws-sigv4

GEM
  remote: https://rubygems.org/
  specs:
    aws-eventstream (1.1.0)
    aws-sigv4 (1.2.1)
      aws-eventstream (~> 1, >= 1.0.2)
    json (2.3.0)
    thor (1.0.1)

PLATFORMS
  ruby

DEPENDENCIES
  json
  thor
  vault!

BUNDLED WITH
   2.1.4
